PATH
  remote: .
  specs:
    active_mailbox (0.0.1)

GEM
  remote: http://rubygems.org/
  specs:
    ansi (1.2.2)
    shoulda (2.11.3)
    turn (0.8.1)
      ansi (>= 1.2.2)

PLATFORMS
  ruby

DEPENDENCIES
  active_mailbox!
  shoulda (= 2.11.3)
  turn (= 0.8.1)
